GEM
  remote: https://rubygems.org/
  specs:
    addressable (2.5.2)
      public_suffix (>= 2.0.2, < 4.0)
    camping (2.1.532)
      mab (>= 0.0.3)
      rack (>= 1.0)
    domain_name (0.5.20180417)
      unf (>= 0.0.5, < 1.0.0)
    faraday (0.15.2)
      multipart-post (>= 1.2, < 3)
    http (2.2.2)
      addressable (~> 2.3)
      http-cookie (~> 1.0)
      http-form_data (~> 1.0.1)
      http_parser.rb (~> 0.6.0)
    http-cookie (1.0.3)
      domain_name (~> 0.5)
    http-form_data (1.0.3)
    http_parser.rb (0.6.0)
    mab (0.0.3)
    marky_markov (0.3.5)
      msgpack
    mastodon (0.3.1)
    mastodon-api (1.1.0)
      addressable (~> 2.4)
      http (~> 2.0)
    msgpack (1.2.4)
    multipart-post (2.0.0)
    octokit (4.9.0)
      sawyer (~> 0.8.0, >= 0.5.3)
    public_suffix (3.0.2)
    rack (2.0.5)
    rake (12.3.1)
    roda (3.7.0)
      rack
    sawyer (0.8.1)
      addressable (>= 2.3.5, < 2.6)
      faraday (~> 0.8, < 1.0)
    unf (0.1.4)
      unf_ext
    unf_ext (0.0.7.5)

PLATFORMS
  ruby

DEPENDENCIES
  camping
  marky_markov
  mastodon
  mastodon-api
  octokit (~> 4.0)
  rack
  rake
  roda

BUNDLED WITH
   1.16.2
