GEM
  remote: https://rubygems.org/
  specs:
    activesupport (5.2.1)
      concurrent-ruby (~> 1.0, >= 1.0.2)
      i18n (>= 0.7, < 2)
      minitest (~> 5.1)
      tzinfo (~> 1.1)
    addressable (2.5.2)
      public_suffix (>= 2.0.2, < 4.0)
    axiom-types (0.1.1)
      descendants_tracker (~> 0.0.4)
      ice_nine (~> 0.11.0)
      thread_safe (~> 0.3, >= 0.3.1)
    builder (3.2.3)
    camping (2.1.532)
      mab (>= 0.0.3)
      rack (>= 1.0)
    coercible (1.0.0)
      descendants_tracker (~> 0.0.1)
    concurrent-ruby (1.0.5)
    descendants_tracker (0.0.4)
      thread_safe (~> 0.3, >= 0.3.1)
    domain_name (0.5.20180417)
      unf (>= 0.0.5, < 1.0.0)
    equalizer (0.0.11)
    faraday (0.15.2)
      multipart-post (>= 1.2, < 3)
    grape (1.1.0)
      activesupport
      builder
      mustermann-grape (~> 1.0.0)
      rack (>= 1.3.0)
      rack-accept
      virtus (>= 1.0.0)
    http (2.2.2)
      addressable (~> 2.3)
      http-cookie (~> 1.0)
      http-form_data (~> 1.0.1)
      http_parser.rb (~> 0.6.0)
    http-cookie (1.0.3)
      domain_name (~> 0.5)
    http-form_data (1.0.3)
    http_parser.rb (0.6.0)
    httparty (0.16.2)
      multi_xml (>= 0.5.2)
    i18n (1.1.0)
      concurrent-ruby (~> 1.0)
    ice_nine (0.11.2)
    mab (0.0.3)
    marky_markov (0.3.5)
      msgpack
    mastodon (0.3.1)
    mastodon-api (1.1.0)
      addressable (~> 2.4)
      http (~> 2.0)
    minitest (5.11.3)
    msgpack (1.2.4)
    multi_xml (0.6.0)
    multipart-post (2.0.0)
    mustermann (1.0.3)
    mustermann-grape (1.0.0)
      mustermann (~> 1.0.0)
    octokit (4.9.0)
      sawyer (~> 0.8.0, >= 0.5.3)
    public_suffix (3.0.2)
    rack (2.0.5)
    rack-accept (0.4.5)
      rack (>= 0.4)
    rack-protection (2.0.3)
      rack
    rake (12.3.1)
    roda (3.7.0)
      rack
    sawyer (0.8.1)
      addressable (>= 2.3.5, < 2.6)
      faraday (~> 0.8, < 1.0)
    sinatra (2.0.3)
      mustermann (~> 1.0)
      rack (~> 2.0)
      rack-protection (= 2.0.3)
      tilt (~> 2.0)
    thread_safe (0.3.6)
    tilt (2.0.8)
    tzinfo (1.2.5)
      thread_safe (~> 0.1)
    unf (0.1.4)
      unf_ext
    unf_ext (0.0.7.5)
    virtus (1.0.5)
      axiom-types (~> 0.1)
      coercible (~> 1.0)
      descendants_tracker (~> 0.0, >= 0.0.3)
      equalizer (~> 0.0, >= 0.0.9)

PLATFORMS
  ruby

DEPENDENCIES
  camping
  grape
  httparty
  marky_markov
  mastodon
  mastodon-api
  octokit (~> 4.0)
  rack
  rake
  roda
  sinatra

BUNDLED WITH
   1.16.2
